GIT
  remote: git://github.com/activeadmin/activeadmin.git
  revision: 85ab3f5961e1fab5d5c864ba9170b5e0fd1f6548
  specs:
    activeadmin (1.0.0.pre4)
      arbre (~> 1.0, >= 1.0.2)
      bourbon
      coffee-rails
      formtastic (~> 3.1)
      formtastic_i18n
      inherited_resources (~> 1.6)
      jquery-rails
      jquery-ui-rails
      kaminari (~> 0.15)
      rails (>= 3.2, < 5.1)
      ransack (~> 1.3)
      sass-rails
      sprockets (< 4.1)

GIT
  remote: git://github.com/frylock13/social-share-button.git
  revision: 9941341897193f261631aaf9b50e690cd2f7ed07
  specs:
    social-share-button (0.3.2)
      coffee-rails
      sass-rails

GEM
  remote: https://rubygems.org/
  specs:
    actionmailer (4.2.6)
      actionpack (= 4.2.6)
      actionview (= 4.2.6)
      activejob (= 4.2.6)
      mail (~> 2.5, >= 2.5.4)
      rails-dom-testing (~> 1.0, >= 1.0.5)
    actionpack (4.2.6)
      actionview (= 4.2.6)
      activesupport (= 4.2.6)
      rack (~> 1.6)
      rack-test (~> 0.6.2)
      rails-dom-testing (~> 1.0, >= 1.0.5)
      rails-html-sanitizer (~> 1.0, >= 1.0.2)
    actionview (4.2.6)
      activesupport (= 4.2.6)
      builder (~> 3.1)
      erubis (~> 2.7.0)
      rails-dom-testing (~> 1.0, >= 1.0.5)
      rails-html-sanitizer (~> 1.0, >= 1.0.2)
    active_admin_theme (1.0.3)
    active_model_serializers (0.10.2)
      actionpack (>= 4.1, < 6)
      activemodel (>= 4.1, < 6)
      jsonapi (~> 0.1.1.beta2)
      railties (>= 4.1, < 6)
    activejob (4.2.6)
      activesupport (= 4.2.6)
      globalid (>= 0.3.0)
    activemodel (4.2.6)
      activesupport (= 4.2.6)
      builder (~> 3.1)
    activerecord (4.2.6)
      activemodel (= 4.2.6)
      activesupport (= 4.2.6)
      arel (~> 6.0)
    activesupport (4.2.6)
      i18n (~> 0.7)
      json (~> 1.7, >= 1.7.7)
      minitest (~> 5.1)
      thread_safe (~> 0.3, >= 0.3.4)
      tzinfo (~> 1.1)
    arbre (1.1.1)
      activesupport (>= 3.0.0)
    arel (6.0.3)
    autoprefixer-rails (6.3.6.1)
      execjs
    awesome_print (1.6.1)
    bcrypt (3.1.11)
    better_errors (2.1.1)
      coderay (>= 1.0.0)
      erubis (>= 2.6.6)
      rack (>= 0.9.0)
    binding_of_caller (0.7.2)
      debug_inspector (>= 0.0.1)
    bootstrap-sass (3.3.6)
      autoprefixer-rails (>= 5.2.1)
      sass (>= 3.3.4)
    bootstrap_form (2.4.0)
    bootswatch-rails (3.3.5)
      railties (>= 3.1)
    bourbon (4.2.7)
      sass (~> 3.4)
      thor (~> 0.19)
    builder (3.2.2)
    bullet (5.0.0)
      activesupport (>= 3.0.0)
      uniform_notifier (~> 1.9.0)
    byebug (9.0.5)
    climate_control (0.0.3)
      activesupport (>= 3.0)
    cocaine (0.5.8)
      climate_control (>= 0.0.3, < 1.0)
    cocoon (1.2.9)
    coderay (1.1.1)
    coffee-rails (4.1.1)
      coffee-script (>= 2.2.0)
      railties (>= 4.0.0, < 5.1.x)
    coffee-script (2.4.1)
      coffee-script-source
      execjs
    coffee-script-source (1.10.0)
    colorize (0.7.7)
    concurrent-ruby (1.0.2)
    debug_inspector (0.0.2)
    devise (4.1.1)
      bcrypt (~> 3.0)
      orm_adapter (~> 0.1)
      railties (>= 4.1.0, < 5.1)
      responders
      warden (~> 1.2.3)
    draper (2.1.0)
      actionpack (>= 3.0)
      activemodel (>= 3.0)
      activesupport (>= 3.0)
      request_store (~> 1.0)
    erubis (2.7.0)
    execjs (2.7.0)
    faraday (0.9.2)
      multipart-post (>= 1.2, < 3)
    faraday_middleware (0.9.2)
      faraday (>= 0.7.4, < 0.10)
    faraday_middleware-parse_oj (0.3.0)
      faraday (~> 0.9.0)
      faraday_middleware (~> 0.9.1)
      oj (~> 2.0)
    font-awesome-rails (4.6.3.1)
      railties (>= 3.2, < 5.1)
    formtastic (3.1.4)
      actionpack (>= 3.2.13)
    formtastic_i18n (0.6.0)
    geocoder (1.3.7)
    globalid (0.3.6)
      activesupport (>= 4.1.0)
    haml (4.0.7)
      tilt
    haml-rails (0.9.0)
      actionpack (>= 4.0.1)
      activesupport (>= 4.0.1)
      haml (>= 4.0.6, < 5.0)
      html2haml (>= 1.0.1)
      railties (>= 4.0.1)
    has_scope (0.6.0)
      actionpack (>= 3.2, < 5)
      activesupport (>= 3.2, < 5)
    hashie (3.4.4)
    html2haml (2.0.0)
      erubis (~> 2.7.0)
      haml (~> 4.0.0)
      nokogiri (~> 1.6.0)
      ruby_parser (~> 3.5)
    i18n (0.7.0)
    inherited_resources (1.6.0)
      actionpack (>= 3.2, < 5)
      has_scope (~> 0.6.0.rc)
      railties (>= 3.2, < 5)
      responders
    jbuilder (2.5.0)
      activesupport (>= 3.0.0, < 5.1)
      multi_json (~> 1.2)
    jquery-rails (4.1.1)
      rails-dom-testing (>= 1, < 3)
      railties (>= 4.2.0)
      thor (>= 0.14, < 2.0)
    jquery-ui-rails (5.0.5)
      railties (>= 3.2.16)
    json (1.8.3)
    jsonapi (0.1.1.beta2)
      json (~> 1.8)
    jwt (1.5.4)
    kaminari (0.17.0)
      actionpack (>= 3.0.0)
      activesupport (>= 3.0.0)
    loofah (2.0.3)
      nokogiri (>= 1.5.9)
    mail (2.6.4)
      mime-types (>= 1.16, < 4)
    mime-types (3.1)
      mime-types-data (~> 3.2015)
    mime-types-data (3.2016.0521)
    mimemagic (0.3.0)
    mini_portile2 (2.1.0)
    minitest (5.9.0)
    multi_json (1.12.1)
    multi_xml (0.5.5)
    multipart-post (2.0.0)
    nokogiri (1.6.8)
      mini_portile2 (~> 2.1.0)
      pkg-config (~> 1.1.7)
    oauth2 (1.2.0)
      faraday (>= 0.8, < 0.10)
      jwt (~> 1.0)
      multi_json (~> 1.3)
      multi_xml (~> 0.5)
      rack (>= 1.2, < 3)
    oj (2.17.1)
    omniauth (1.3.1)
      hashie (>= 1.2, < 4)
      rack (>= 1.0, < 3)
    omniauth-facebook (3.0.0)
      omniauth-oauth2 (~> 1.2)
    omniauth-oauth2 (1.4.0)
      oauth2 (~> 1.0)
      omniauth (~> 1.2)
    omniauth-vkontakte (1.3.6)
      multi_json
      omniauth (~> 1.0)
      omniauth-oauth2 (~> 1.1)
    orm_adapter (0.5.0)
    paperclip (4.3.5)
      activemodel (>= 3.2.0)
      activesupport (>= 3.2.0)
      cocaine (~> 0.5.5)
      mime-types
      mimemagic (= 0.3.0)
    pg (0.18.4)
    pkg-config (1.1.7)
    polyamorous (1.3.1)
      activerecord (>= 3.0)
    quiet_assets (1.1.0)
      railties (>= 3.1, < 5.0)
    rack (1.6.4)
    rack-mini-profiler (0.9.8)
      rack (>= 1.1.3)
    rack-test (0.6.3)
      rack (>= 1.0)
    rails (4.2.6)
      actionmailer (= 4.2.6)
      actionpack (= 4.2.6)
      actionview (= 4.2.6)
      activejob (= 4.2.6)
      activemodel (= 4.2.6)
      activerecord (= 4.2.6)
      activesupport (= 4.2.6)
      bundler (>= 1.3.0, < 2.0)
      railties (= 4.2.6)
      sprockets-rails
    rails-deprecated_sanitizer (1.0.3)
      activesupport (>= 4.2.0.alpha)
    rails-dom-testing (1.0.7)
      activesupport (>= 4.2.0.beta, < 5.0)
      nokogiri (~> 1.6.0)
      rails-deprecated_sanitizer (>= 1.0.1)
    rails-html-sanitizer (1.0.3)
      loofah (~> 2.0)
    rails-observers (0.1.2)
      activemodel (~> 4.0)
    railties (4.2.6)
      actionpack (= 4.2.6)
      activesupport (= 4.2.6)
      rake (>= 0.8.7)
      thor (>= 0.18.1, < 2.0)
    rake (11.2.2)
    ransack (1.8.0)
      actionpack (>= 3.0)
      activerecord (>= 3.0)
      activesupport (>= 3.0)
      i18n
      polyamorous (~> 1.3)
    rdoc (4.2.2)
      json (~> 1.4)
    request_store (1.3.1)
    responders (2.2.0)
      railties (>= 4.2.0, < 5.1)
    ruby_parser (3.8.2)
      sexp_processor (~> 4.1)
    sass (3.4.22)
    sass-rails (5.0.5)
      railties (>= 4.0.0, < 6)
      sass (~> 3.1)
      sprockets (>= 2.8, < 4.0)
      sprockets-rails (>= 2.0, < 4.0)
      tilt (>= 1.1, < 3)
    sdoc (0.4.1)
      json (~> 1.7, >= 1.7.7)
      rdoc (~> 4.0)
    sexp_processor (4.7.0)
    spring (1.7.2)
    sprockets (3.6.3)
      concurrent-ruby (~> 1.0)
      rack (> 1, < 3)
    sprockets-rails (3.1.1)
      actionpack (>= 4.0)
      activesupport (>= 4.0)
      sprockets (>= 3.0.0)
    thor (0.19.1)
    thread_safe (0.3.5)
    tilt (2.0.5)
    tzinfo (1.2.2)
      thread_safe (~> 0.1)
    uglifier (3.0.0)
      execjs (>= 0.3.0, < 3)
    uniform_notifier (1.9.0)
    vkontakte_api (1.4.3)
      faraday (~> 0.9.0)
      faraday_middleware (~> 0.9.1)
      faraday_middleware-parse_oj (~> 0.3)
      hashie (>= 2.0)
      oauth2 (>= 0.8)
    warden (1.2.6)
      rack (>= 1.0)
    web-console (2.3.0)
      activemodel (>= 4.0)
      binding_of_caller (>= 0.7.2)
      railties (>= 4.0)
      sprockets-rails (>= 2.0, < 4.0)

PLATFORMS
  ruby

DEPENDENCIES
  active_admin_theme
  active_model_serializers (~> 0.10.0)
  activeadmin!
  awesome_print
  better_errors
  bootstrap-sass (~> 3.3.6)
  bootstrap_form
  bootswatch-rails
  bullet
  byebug
  cocoon
  coffee-rails
  colorize
  devise
  draper
  font-awesome-rails
  geocoder
  haml-rails (~> 0.9)
  jbuilder (~> 2.0)
  jquery-rails
  omniauth
  omniauth-facebook
  omniauth-vkontakte
  paperclip
  pg
  quiet_assets
  rack-mini-profiler
  rails (= 4.2.6)
  rails-observers
  sass-rails (~> 5.0)
  sdoc (~> 0.4.0)
  social-share-button!
  spring
  uglifier (>= 1.3.0)
  vkontakte_api (~> 1.4)
  web-console (~> 2.0)

BUNDLED WITH
   1.12.5
